GEM
  remote: https://rubygems.org/
  specs:
    random_data (1.6.0)

PLATFORMS
  ruby

DEPENDENCIES
  random_data

BUNDLED WITH
   1.16.6
